PATH
  remote: .
  specs:
    delta_force (0.0.1)
      activerecord (~> 2.3.0)

GEM
  remote: http://rubygems.org/
  specs:
    activerecord (2.3.11)
      activesupport (= 2.3.11)
    activesupport (2.3.11)
    columnize (0.3.2)
    factory_girl (1.3.3)
    linecache (0.43)
    pg (0.10.1)
    ruby-debug (0.10.4)
      columnize (>= 0.1)
      ruby-debug-base (~> 0.10.4.0)
    ruby-debug-base (0.10.4)
      linecache (>= 0.3)
    shoulda (2.11.3)

PLATFORMS
  ruby

DEPENDENCIES
  activerecord (= 2.3.11)
  delta_force!
  factory_girl
  pg
  ruby-debug
  shoulda
